GEM
  remote: https://rubygems.org/
  specs:
    chef-api (0.5.0)
      logify (~> 0.1)
      mime-types
    logify (0.2.0)
    mime-types (2.4.3)
    rake (10.4.2)
    stove (3.2.5)
      chef-api (~> 0.5)
      logify (~> 0.2)

PLATFORMS
  ruby

DEPENDENCIES
  rake
  stove
